GEM
  remote: https://rubygems.org/
  specs:
    chunky_png (1.3.0)
    haml (4.0.5)
      tilt
    oily_png (1.1.1)
      chunky_png (~> 1.3.0)
    rack (1.5.2)
    rack-protection (1.5.2)
      rack
    sinatra (1.4.4)
      rack (~> 1.4)
      rack-protection (~> 1.4)
      tilt (~> 1.3, >= 1.3.4)
    tilt (1.4.1)

PLATFORMS
  ruby

DEPENDENCIES
  haml
  oily_png (>= 1.1.1)
  sinatra
